GEM
  remote: http://rubygems.org/
  specs:
    async_sinatra (1.0.0)
      rack (>= 1.4.1)
      sinatra (>= 1.3.2)
    chunky_png (1.2.7)
    cinch (2.0.3)
    compass (0.12.2)
      chunky_png (~> 1.2)
      fssm (>= 0.2.7)
      sass (~> 3.1)
    configuration (1.3.4)
    eventmachine (1.0.0)
    foreman (0.61.0)
      thor (>= 0.13.6)
    fssm (0.2.9)
    haml (3.1.7)
    rack (1.4.4)
    rack-protection (1.3.2)
      rack
    rake (10.0.3)
    redis (3.0.2)
    sass (3.2.5)
    shotgun (0.9)
      rack (>= 1.0)
    sinatra (1.3.3)
      rack (~> 1.3, >= 1.3.6)
      rack-protection (~> 1.2)
      tilt (~> 1.3, >= 1.3.3)
    thor (0.16.0)
    tilt (1.3.3)

PLATFORMS
  ruby

DEPENDENCIES
  async_sinatra
  cinch
  compass
  configuration
  eventmachine
  foreman
  haml
  rake
  redis
  sass
  shotgun
  sinatra
